PATH
  remote: .
  specs:
    partial_dump (0.0.1)
      docile
      pg
      trollop

GEM
  remote: http://rubygems.org/
  specs:
    byebug (9.1.0)
    capistrano (3.4.1)
      i18n
      rake (>= 10.0.0)
      sshkit (~> 1.3)
    coderay (1.1.2)
    diff-lcs (1.3)
    docile (1.1.5)
    highline (1.7.8)
    i18n (0.8.6)
    method_source (0.8.2)
    net-scp (1.2.1)
      net-ssh (>= 2.6.5)
    net-ssh (4.2.0)
    pg (0.21.0)
    pry (0.10.4)
      coderay (~> 1.1.0)
      method_source (~> 0.8.1)
      slop (~> 3.4)
    pry-byebug (3.5.0)
      byebug (~> 9.1)
      pry (~> 0.10)
    rake (12.1.0)
    rspec (3.6.0)
      rspec-core (~> 3.6.0)
      rspec-expectations (~> 3.6.0)
      rspec-mocks (~> 3.6.0)
    rspec-core (3.6.0)
      rspec-support (~> 3.6.0)
    rspec-expectations (3.6.0)
      diff-lcs (>= 1.2.0, < 2.0)
      rspec-support (~> 3.6.0)
    rspec-mocks (3.6.0)
      diff-lcs (>= 1.2.0, < 2.0)
      rspec-support (~> 3.6.0)
    rspec-support (3.6.0)
    rvm1-capistrano3 (1.4.0)
      capistrano (~> 3.0)
      sshkit (>= 1.2)
    slop (3.6.0)
    sshkit (1.4.0)
      net-scp (>= 1.1.2)
      net-ssh (>= 2.8.0)
      term-ansicolor
    term-ansicolor (1.6.0)
      tins (~> 1.0)
    tins (1.15.0)
    trollop (2.1.2)
    yard (0.9.9)
    yard-struct (1.1.0)
      yard (>= 0.4.0)

PLATFORMS
  ruby

DEPENDENCIES
  capistrano
  highline
  partial_dump!
  pry-byebug
  rspec
  rvm1-capistrano3
  sshkit (= 1.4.0)
  yard
  yard-struct

BUNDLED WITH
   1.13.6
